GEM
  remote: https://rubygems.org/
  specs:
    activesupport (4.2.0)
      i18n (~> 0.7)
      json (~> 1.7, >= 1.7.7)
      minitest (~> 5.1)
      thread_safe (~> 0.3, >= 0.3.4)
      tzinfo (~> 1.1)
    dotenv (1.0.2)
    ethon (0.7.2)
      ffi (>= 1.3.0)
    ffi (1.9.6)
    formatador (0.2.5)
    i18n (0.7.0)
    json (1.8.2)
    minitest (5.5.1)
    thread_safe (0.3.4)
    typhoeus (0.6.9)
      ethon (>= 0.7.1)
    tzinfo (1.2.2)
      thread_safe (~> 0.1)
    uuidtools (2.1.5)

PLATFORMS
  ruby

DEPENDENCIES
  activesupport
  dotenv
  formatador
  typhoeus (= 0.6.9)
  uuidtools
